RESTRICTION: || (== net45) (== net461)
NUGET
  remote: https://nuget.rba.rackspace.com/nuget
    automation.components.container (1.1.0)
      automation.components.logging.v1
      Castle.Windsor (5.0)
    automation.components.logging.v1 (1.7.0)
      Newtonsoft.Json (>= 9.0.1 < 9.1)
      Serilog (2.7.1)
      Serilog.Settings.AppSettings (2.2.2)
      Serilog.Sinks.Async (1.3)
      Serilog.Sinks.File (4.0)
      Serilog.Sinks.Http (5.0.1)
      Serilog.Sinks.TextWriter (2.1)
    automation.components.operations.v1 (1.7.0)
      automation.components.logging.v1
      DynamicExpresso.Core (2.3.1)
    automation.components.si.dal.v1 (1.0.5.0)
    SQLSchemaScriptDom (1.0.0.0)
    StackExchange.Redis.Internal (2.0.0)
  remote: https://api.nuget.org/v3/index.json
    Castle.Core (4.4)
    Castle.Windsor (5.0)
      Castle.Core (>= 4.3.1)
    Dse (2.3)
      lz4net (>= 1.0.10.93)
      Microsoft.Extensions.Logging (>= 1.0)
      Microsoft.Extensions.Logging.Abstractions (>= 1.0)
      Newtonsoft.Json (>= 9.0.1)
    DynamicExpresso.Core (2.3.1)
    Elasticsearch.Net (2.4.1)
    etcdnet (1.1.4.2)
    FluentCassandra (1.2.6)
    Graphite.NET (1.1)
    lz4net (1.0.15.93)
    Microsoft.Extensions.DependencyInjection.Abstractions (1.0)
      System.ComponentModel (>= 4.0.1)
      System.Diagnostics.Debug (>= 4.0.11)
      System.Globalization (>= 4.0.11)
      System.Linq (>= 4.1)
      System.Linq.Expressions (>= 4.1)
      System.Reflection (>= 4.1)
      System.Resources.ResourceManager (>= 4.0.1)
    Microsoft.Extensions.Logging (1.0)
      Microsoft.Extensions.DependencyInjection.Abstractions (>= 1.0)
      Microsoft.Extensions.Logging.Abstractions (>= 1.0)
      System.Threading (>= 4.0.11)
    Microsoft.Extensions.Logging.Abstractions (1.0)
      System.Collections (>= 4.0.11)
      System.Collections.Concurrent (>= 4.0.12)
      System.Diagnostics.Debug (>= 4.0.11)
      System.Globalization (>= 4.0.11)
      System.Linq (>= 4.1)
      System.Reflection (>= 4.1)
      System.Resources.ResourceManager (>= 4.0.1)
      System.Runtime.Extensions (>= 4.1)
      System.Runtime.InteropServices (>= 4.1)
    Microsoft.NETCore.Platforms (2.2) - restriction: == net45
    mongocsharpdriver (1.7)
    Moq (4.10)
      Castle.Core (>= 4.3.1)
      System.Threading.Tasks.Extensions (>= 4.3)
      System.ValueTuple (>= 4.4)
    NEST (2.4.1)
      Elasticsearch.Net (>= 2.4.1)
      Newtonsoft.Json (>= 9.0 < 10.0)
    NETStandard.Library (2.0.3) - restriction: == net45
      Microsoft.NETCore.Platforms (>= 1.1)
      System.Runtime.InteropServices.RuntimeInformation (>= 4.3) - restriction: || (== net45) (&& (== net461) (< net45)) (&& (== net461) (< netstandard1.0)) (&& (== net461) (< netstandard1.3)) (&& (== net461) (< netstandard1.4)) (&& (== net461) (>= uap10.0))
    Newtonsoft.Json (9.0.1)
    NUnit (2.7)
    Serilog (2.7.1)
    Serilog.Settings.AppSettings (2.2.2)
      Serilog (>= 2.6)
    Serilog.Sinks.Async (1.3)
      Serilog (>= 2.7.1)
    Serilog.Sinks.File (4.0)
      Serilog (>= 2.5)
    Serilog.Sinks.Http (5.0.1)
      Serilog.Sinks.PeriodicBatching (>= 2.1.1)
      Serilog.Sinks.RollingFile (>= 3.3)
    Serilog.Sinks.PeriodicBatching (2.2)
      Serilog (>= 2.0)
    Serilog.Sinks.RollingFile (3.3)
      Serilog.Sinks.File (>= 3.2)
    Serilog.Sinks.TextWriter (2.1)
      Serilog (>= 2.0)
    StyleCop.Analyzers (1.1.118)
    System.Collections (4.0.11)
    System.Collections.Concurrent (4.0.12)
    System.ComponentModel (4.3)
    System.Diagnostics.Debug (4.3)
    System.Globalization (4.0.11)
    System.Linq (4.1)
    System.Linq.Dynamic (1.0.7)
    System.Linq.Expressions (4.1)
    System.Reflection (4.1)
    System.Resources.ResourceManager (4.3)
    System.Runtime.Extensions (4.1)
    System.Runtime.InteropServices (4.1)
    System.Runtime.InteropServices.RuntimeInformation (4.3) - restriction: == net45
    System.Threading (4.0.11)
    System.Threading.Tasks.Extensions (4.3)
    System.ValueTuple (4.4)
      NETStandard.Library (>= 1.6.1) - restriction: == net45
